GEM
  remote: https://rubygems.org/
  specs:
    activesupport (6.0.1)
      concurrent-ruby (~> 1.0, >= 1.0.2)
      i18n (>= 0.7, < 2)
      minitest (~> 5.1)
      tzinfo (~> 1.1)
      zeitwerk (~> 2.2)
    addressable (2.7.0)
      public_suffix (>= 2.0.2, < 5.0)
    colorator (1.1.0)
    concurrent-ruby (1.1.5)
    ethon (0.12.0)
      ffi (>= 1.3.0)
    ffi (1.11.3-x64-mingw32)
    forwardable-extended (2.6.0)
    gemoji (3.0.1)
    html-pipeline (2.12.2)
      activesupport (>= 2)
      nokogiri (>= 1.4)
    html-proofer (3.14.1)
      addressable (~> 2.3)
      mercenary (~> 0.3)
      nokogiri (~> 1.10)
      parallel (~> 1.3)
      rainbow (~> 3.0)
      typhoeus (~> 1.3)
      yell (~> 2.0)
    i18n (1.7.0)
      concurrent-ruby (~> 1.0)
    jekyll (3.3.1)
      addressable (~> 2.4)
      colorator (~> 1.0)
      jekyll-sass-converter (~> 1.0)
      jekyll-watch (~> 1.1)
      kramdown (~> 1.3)
      liquid (~> 3.0)
      mercenary (~> 0.3.3)
      pathutil (~> 0.9)
      rouge (~> 1.7)
      safe_yaml (~> 1.0)
    jekyll-feed (0.11.0)
      jekyll (~> 3.3)
    jekyll-paginate (1.1.0)
    jekyll-sass-converter (1.5.2)
      sass (~> 3.4)
    jekyll-watch (1.5.1)
      listen (~> 3.0)
    jemoji (0.11.1)
      gemoji (~> 3.0)
      html-pipeline (~> 2.2)
      jekyll (>= 3.0, < 5.0)
    kramdown (1.17.0)
    liquid (3.0.6)
    listen (3.2.0)
      rb-fsevent (~> 0.10, >= 0.10.3)
      rb-inotify (~> 0.9, >= 0.9.10)
    mercenary (0.3.6)
    mini_portile2 (2.4.0)
    minima (2.1.1)
      jekyll (~> 3.3)
    minitest (5.13.0)
    nokogiri (1.10.5-x64-mingw32)
      mini_portile2 (~> 2.4.0)
    parallel (1.19.1)
    pathutil (0.16.2)
      forwardable-extended (~> 2.6)
    public_suffix (4.0.1)
    rainbow (3.0.0)
    rb-fsevent (0.10.3)
    rb-inotify (0.10.0)
      ffi (~> 1.0)
    rouge (1.11.1)
    safe_yaml (1.0.5)
    sass (3.7.4)
      sass-listen (~> 4.0.0)
    sass-listen (4.0.0)
      rb-fsevent (~> 0.9, >= 0.9.4)
      rb-inotify (~> 0.9, >= 0.9.7)
    thread_safe (0.3.6)
    typhoeus (1.3.1)
      ethon (>= 0.9.0)
    tzinfo (1.2.5)
      thread_safe (~> 0.1)
    wdm (0.1.1)
    yell (2.2.0)
    zeitwerk (2.2.1)

PLATFORMS
  x64-mingw32

DEPENDENCIES
  html-proofer
  jekyll (= 3.3.1)
  jekyll-feed (~> 0.6)
  jekyll-paginate
  jemoji
  minima (~> 2.0)
  rouge
  wdm

RUBY VERSION
   ruby 2.6.5p114

BUNDLED WITH
   1.17.3
